GEM
  remote: https://rubygems.org/
  specs:
    pg (0.18.4)
    rack (2.0.1)

PLATFORMS
  ruby

DEPENDENCIES
  pg (= 0.18.4)
  rack

BUNDLED WITH
   1.11.2
